GEM
  remote: https://rubygems.org/
  specs:
    cli-ui (2.1.0)

PLATFORMS
  ruby

DEPENDENCIES
  cli-ui (~> 2.1)

BUNDLED WITH
   2.1.4
